GEM
  remote: http://rubygems.org/
  specs:
    activemodel (3.2.3)
      activesupport (= 3.2.3)
      builder (~> 3.0.0)
    activerecord (3.2.3)
      activemodel (= 3.2.3)
      activesupport (= 3.2.3)
      arel (~> 3.0.2)
      tzinfo (~> 0.3.29)
    activerecord-jdbc-adapter (1.2.2)
    activerecord-jdbcmysql-adapter (1.2.2)
      activerecord-jdbc-adapter (~> 1.2.2)
      jdbc-mysql (~> 5.1.0)
    activesupport (3.2.3)
      i18n (~> 0.6)
      multi_json (~> 1.0)
    arel (3.0.2)
    builder (3.0.0)
    chronic (0.6.7)
    columnize (0.3.6)
    delorean (0.2.1)
      chronic
    factory_girl (1.3.3)
    git (1.2.5)
    i18n (0.6.0)
    jdbc-mysql (5.1.13)
    jeweler (1.8.3)
      bundler (~> 1.0)
      git (>= 1.2.5)
      rake
      rdoc
    json (1.6.6)
    json (1.6.6-java)
    linecache (0.46)
      rbx-require-relative (> 0.0.4)
    multi_json (1.2.0)
    pg (0.13.2)
    rake (0.9.2.2)
    rbx-require-relative (0.0.9)
    rdoc (3.12)
      json (~> 1.4)
    ruby-debug (0.10.4)
      columnize (>= 0.1)
      ruby-debug-base (~> 0.10.4.0)
    ruby-debug-base (0.10.4)
      linecache (>= 0.3)
    ruby-debug-base (0.10.4-java)
    tzinfo (0.3.32)

PLATFORMS
  java
  ruby

DEPENDENCIES
  activerecord (~> 3.0)
  activerecord-jdbcmysql-adapter
  delorean (~> 0.2.0)
  factory_girl (~> 1.3.3)
  jdbc-mysql
  jeweler (>= 1.4.0)
  pg (~> 0.9)
  rake
  ruby-debug (= 0.10.4)
  ruby-debug-base (= 0.10.4)
